PATH
  remote: .
  specs:
    clinvoice (2.2.2)
      prawn (~> 2.2)
      prawn-table (~> 0.2.2)

GEM
  remote: https://rubygems.org/
  specs:
    pdf-core (0.9.0)
    prawn (2.4.0)
      pdf-core (~> 0.9.0)
      ttfunk (~> 1.7)
    prawn-table (0.2.2)
      prawn (>= 1.3.0, < 3.0.0)
    rake (10.5.0)
    ttfunk (1.7.0)

PLATFORMS
  ruby

DEPENDENCIES
  bundler (~> 2.1.4)
  clinvoice!
  rake (~> 10.0)

BUNDLED WITH
   2.2.25
