PATH
  remote: .
  specs:
    clinvoice (1.0.0)
      prawn (~> 2.2)
      prawn-table (~> 0.2.2)

GEM
  remote: https://rubygems.org/
  specs:
    pdf-core (0.7.0)
    prawn (2.2.2)
      pdf-core (~> 0.7.0)
      ttfunk (~> 1.5)
    prawn-table (0.2.2)
      prawn (>= 1.3.0, < 3.0.0)
    rake (10.5.0)
    ttfunk (1.5.1)

PLATFORMS
  ruby

DEPENDENCIES
  bundler (~> 1.16)
  clinvoice!
  rake (~> 10.0)

BUNDLED WITH
   1.16.4
